RESTRICTION: >= net40
NUGET
  remote: https://www.nuget.org/api/v2
    DotLiquid (2.0.64)
    FAKE (4.64.13)
    FSharp.Compiler.Service (22.0.3)
      FSharp.Core (>= 4.1.18) - restriction: || (&& (>= net40) (>= netstandard2.0)) (>= net45)
      Microsoft.DiaSymReader (>= 1.1) - restriction: || (&& (>= net40) (>= netstandard2.0)) (>= net45)
      Microsoft.DiaSymReader.PortablePdb (>= 1.2) - restriction: || (&& (>= net40) (>= netstandard2.0)) (>= net45)
      System.Collections.Immutable (>= 1.3.1) - restriction: || (&& (>= net40) (>= netstandard2.0)) (>= net45)
      System.Reflection.Metadata (>= 1.4.2) - restriction: || (&& (>= net40) (>= netstandard2.0)) (>= net45)
      System.ValueTuple (>= 4.4) - restriction: >= net45
    FSharp.Compiler.Tools (10.0.2)
    FSharp.Core (4.3.4)
    FSharp.Data (2.4.6)
    Microsoft.DiaSymReader (1.2) - restriction: || (&& (>= net40) (>= netstandard2.0)) (>= net45)
      Microsoft.Net.Compilers (>= 2.3)
    Microsoft.DiaSymReader.PortablePdb (1.4) - restriction: || (&& (>= net40) (>= netstandard2.0)) (>= net45)
      Microsoft.DiaSymReader (>= 1.2) - restriction: && (>= net40) (>= portable-net45+win8)
      System.Collections (>= 4.3) - restriction: && (>= net40) (>= netstandard1.1)
      System.Collections.Immutable (>= 1.3.1) - restriction: && (>= net40) (>= portable-net45+win8)
      System.Diagnostics.Debug (>= 4.3) - restriction: && (>= net40) (>= netstandard1.1)
      System.Globalization (>= 4.3) - restriction: && (>= net40) (>= netstandard1.1)
      System.IO (>= 4.3) - restriction: && (>= net40) (>= netstandard1.1)
      System.Linq (>= 4.3) - restriction: && (>= net40) (>= netstandard1.1)
      System.Reflection (>= 4.3) - restriction: && (>= net40) (>= netstandard1.1)
      System.Reflection.Metadata (>= 1.4.2) - restriction: && (>= net40) (>= portable-net45+win8)
      System.Reflection.Primitives (>= 4.3) - restriction: && (>= net40) (>= netstandard1.1)
      System.Runtime (>= 4.3) - restriction: && (>= net40) (>= netstandard1.1)
      System.Runtime.Extensions (>= 4.3) - restriction: && (>= net40) (>= netstandard1.1)
      System.Runtime.InteropServices (>= 4.3) - restriction: && (>= net40) (>= netstandard1.1)
      System.Text.Encoding (>= 4.3) - restriction: && (>= net40) (>= netstandard1.1)
      System.Threading (>= 4.3) - restriction: && (>= net40) (>= netstandard1.1)
    Microsoft.FSharp.Core.netcore (1.0.0-alpha-161205) - restriction: && (>= net40) (>= netstandard1.6)
      System.Collections (>= 4.0.11)
      System.Console (>= 4.0)
      System.Diagnostics.Debug (>= 4.0.11)
      System.Diagnostics.Tools (>= 4.0.1)
      System.Globalization (>= 4.0.11)
      System.IO (>= 4.1)
      System.Linq (>= 4.1)
      System.Linq.Expressions (>= 4.1)
      System.Linq.Queryable (>= 4.0.1)
      System.Net.Requests (>= 4.0.11)
      System.Reflection (>= 4.1)
      System.Reflection.Extensions (>= 4.0.1)
      System.Resources.ResourceManager (>= 4.0.1)
      System.Runtime (>= 4.1)
      System.Runtime.Extensions (>= 4.1)
      System.Runtime.Numerics (>= 4.0.1)
      System.Text.RegularExpressions (>= 4.1)
      System.Threading (>= 4.0.11)
      System.Threading.Tasks (>= 4.0.11)
      System.Threading.Tasks.Parallel (>= 4.0.1)
      System.Threading.Thread (>= 4.0)
      System.Threading.ThreadPool (>= 4.0.10)
      System.Threading.Timer (>= 4.0.1)
    Microsoft.Net.Compilers (2.8.2) - restriction: || (&& (>= net40) (>= netstandard2.0)) (>= net45)
    Microsoft.NETCore.Platforms (2.0.2) - restriction: || (&& (>= net40) (< net45) (< netstandard1.2) (>= netstandard1.6)) (&& (>= net40) (< net45) (< netstandard1.3) (>= netstandard1.6)) (&& (>= net40) (< net45) (< netstandard1.4) (>= netstandard1.6)) (&& (>= net40) (< net45) (< netstandard1.5) (>= netstandard1.6)) (&& (>= net40) (< net45) (>= netstandard1.6) (< netstandard2.0)) (&& (>= net40) (< net45) (>= netstandard2.0)) (&& (>= net40) (>= netcoreapp2.0)) (&& (>= net40) (< netstandard1.0) (>= netstandard1.6)) (&& (>= net40) (< netstandard1.3) (>= netstandard1.6) (>= wpa81)) (&& (>= net40) (< netstandard1.5) (>= netstandard1.6) (>= uap10.0)) (&& (>= net40) (>= netstandard1.6) (< portable-net45+win8+wpa81)) (&& (>= net40) (>= netstandard1.6) (>= uap10.1)) (&& (>= net40) (>= netstandard1.6) (>= wp8)) (&& (>= net45) (< netstandard1.3) (>= netstandard1.6)) (&& (>= net46) (< netstandard1.4) (>= netstandard1.6)) (&& (>= net461) (>= netstandard1.6))
    NETStandard.Library (2.0.3) - restriction: || (&& (>= net40) (>= netstandard1.6)) (&& (>= net45) (< netstandard2.0))
      Microsoft.NETCore.Platforms (>= 1.1) - restriction: || (&& (>= net40) (< net45) (>= netstandard1.1) (< netstandard1.2)) (&& (>= net40) (< net45) (>= netstandard1.2) (< netstandard1.3)) (&& (>= net40) (< net45) (>= netstandard1.3) (< netstandard1.4)) (&& (>= net40) (< net45) (>= netstandard1.4) (< netstandard1.5)) (&& (>= net40) (< net45) (>= netstandard1.5) (< netstandard1.6)) (&& (>= net40) (< net45) (>= netstandard1.6) (< netstandard2.0)) (&& (>= net40) (< net45) (>= netstandard2.0)) (&& (>= net40) (>= netcoreapp2.0)) (&& (>= net40) (>= netstandard1.0) (< portable-net45+win8+wpa81)) (&& (>= net40) (< netstandard1.0) (>= portable-net45+win8)) (&& (>= net40) (< netstandard1.0) (< portable-net45+win8) (>= portable-net45+win8+wpa81)) (&& (>= net40) (< netstandard1.0) (>= portable-net45+win8+wp8+wpa81) (< portable-net45+win8+wpa81)) (&& (>= net40) (< netstandard1.0) (>= win8)) (&& (>= net40) (< netstandard1.3) (>= wpa81)) (&& (>= net40) (< netstandard1.5) (>= uap10.0)) (&& (>= net40) (>= uap10.1)) (&& (>= net40) (>= wp8)) (&& (>= net45) (< netstandard1.3)) (&& (>= net46) (< netstandard1.4)) (>= net461)
    Suave (2.0.2)
      FSharp.Core (>= 4.0.0.1) - restriction: && (>= net40) (< netstandard1.6)
      Microsoft.FSharp.Core.netcore (>= 1.0.0-alpha-161205) - restriction: && (>= net40) (>= netstandard1.6)
      NETStandard.Library (>= 1.6) - restriction: && (>= net40) (>= netstandard1.6)
      System.Data.Common (>= 4.1) - restriction: && (>= net40) (>= netstandard1.6)
      System.Diagnostics.Process (>= 4.1) - restriction: && (>= net40) (>= netstandard1.6)
      System.Globalization.Extensions (>= 4.0.1) - restriction: && (>= net40) (>= netstandard1.6)
      System.Net.Security (>= 4.0) - restriction: && (>= net40) (>= netstandard1.6)
      System.Runtime.Serialization.Json (>= 4.0.2) - restriction: && (>= net40) (>= netstandard1.6)
      System.Security.Claims (>= 4.0.1) - restriction: && (>= net40) (>= netstandard1.6)
      System.Security.Cryptography.Primitives (>= 4.0) - restriction: && (>= net40) (>= netstandard1.6)
    Suave.DotLiquid (2.0.2)
      DotLiquid (>= 2.0.55) - restriction: && (>= net40) (>= netstandard1.6)
      DotLiquid (>= 2.0.64) - restriction: && (>= net40) (< netstandard1.6)
      FSharp.Core (>= 4.0.0.1) - restriction: && (>= net40) (< netstandard1.6)
      Microsoft.FSharp.Core.netcore (>= 1.0.0-alpha-161205) - restriction: && (>= net40) (>= netstandard1.6)
      NETStandard.Library (>= 1.6) - restriction: && (>= net40) (>= netstandard1.6)
      Suave (>= 2.0.1-dotnetcli) - restriction: && (>= net40) (>= netstandard1.6)
      Suave (>= 2.0.2) - restriction: && (>= net40) (< netstandard1.6)
      System.Data.Common (>= 4.1) - restriction: && (>= net40) (>= netstandard1.6)
      System.Diagnostics.Process (>= 4.1) - restriction: && (>= net40) (>= netstandard1.6)
      System.Globalization.Extensions (>= 4.0.1) - restriction: && (>= net40) (>= netstandard1.6)
      System.Net.Security (>= 4.0) - restriction: && (>= net40) (>= netstandard1.6)
      System.Reflection (>= 4.3) - restriction: && (>= net40) (>= netstandard1.6)
      System.Reflection.TypeExtensions (>= 4.3) - restriction: && (>= net40) (>= netstandard1.6)
      System.Security.Claims (>= 4.0.1) - restriction: && (>= net40) (>= netstandard1.6)
      System.Security.Cryptography.Primitives (>= 4.0) - restriction: && (>= net40) (>= netstandard1.6)
    System.Collections (4.3) - restriction: || (&& (>= net40) (>= netstandard1.6)) (&& (>= net40) (>= netstandard2.0)) (>= net45)
    System.Collections.Immutable (1.4) - restriction: || (&& (>= monoandroid) (>= net45)) (&& (>= monotouch) (>= net45)) (&& (>= net40) (>= netstandard2.0)) (&& (>= net45) (< netstandard1.1)) (&& (>= net45) (>= netstandard2.0)) (&& (>= net45) (< netstandard2.0)) (&& (>= net45) (< portable-net45+win8)) (&& (>= net45) (>= xamarinios)) (&& (>= net45) (>= xamarinmac)) (&& (>= net45) (>= xamarintvos)) (&& (>= net45) (>= xamarinwatchos))
      NETStandard.Library (>= 1.6.1) - restriction: && (>= net40) (>= netstandard1.0) (< netstandard2.0)
    System.Console (4.3.1) - restriction: && (>= net40) (>= netstandard1.6)
    System.Data.Common (4.3) - restriction: && (>= net40) (>= netstandard1.6)
    System.Diagnostics.Debug (4.3) - restriction: || (&& (>= net40) (>= netstandard1.6)) (&& (>= net40) (>= netstandard2.0)) (>= net45)
    System.Diagnostics.Process (4.3) - restriction: && (>= net40) (>= netstandard1.6)
    System.Diagnostics.Tools (4.3) - restriction: && (>= net40) (>= netstandard1.6)
    System.Globalization (4.3) - restriction: || (&& (>= net40) (>= netstandard1.6)) (&& (>= net40) (>= netstandard2.0)) (>= net45)
    System.Globalization.Extensions (4.3) - restriction: && (>= net40) (>= netstandard1.6)
    System.IO (4.3) - restriction: || (&& (>= net40) (>= netstandard1.6)) (&& (>= net40) (>= netstandard2.0)) (>= net45) (&& (>= net46) (< netstandard1.3) (>= netstandard1.6)) (&& (< net46) (>= net461) (>= netstandard1.6)) (&& (>= net461) (< netstandard1.3) (>= netstandard1.6)) (&& (>= net463) (>= netstandard1.6))
    System.Linq (4.3) - restriction: || (&& (>= net40) (>= netstandard1.6)) (&& (>= net40) (>= netstandard2.0)) (>= net45)
    System.Linq.Expressions (4.3) - restriction: && (>= net40) (>= netstandard1.6)
    System.Linq.Queryable (4.3) - restriction: && (>= net40) (>= netstandard1.6)
    System.Net.Requests (4.3) - restriction: && (>= net40) (>= netstandard1.6)
    System.Net.Security (4.3.2) - restriction: && (>= net40) (>= netstandard1.6)
      System.Security.Cryptography.X509Certificates (>= 4.3) - restriction: || (&& (>= net40) (>= netstandard1.3) (< netstandard1.6)) (&& (>= net40) (>= netstandard1.6)) (>= net46)
    System.Reflection (4.3) - restriction: || (&& (>= net40) (>= netstandard1.6)) (&& (>= net40) (>= netstandard2.0)) (>= net45)
    System.Reflection.Extensions (4.3) - restriction: && (>= net40) (>= netstandard1.6)
    System.Reflection.Metadata (1.5) - restriction: || (&& (>= net40) (>= netstandard2.0)) (>= net45)
      NETStandard.Library (>= 1.6.1) - restriction: && (>= net40) (>= netstandard1.1) (< netstandard2.0)
      System.Collections.Immutable (>= 1.4) - restriction: || (&& (>= monoandroid) (>= net40)) (&& (>= monotouch) (>= net40)) (&& (>= net40) (>= netstandard1.1) (< netstandard2.0)) (&& (>= net40) (< netstandard1.1) (>= portable-net45+win8)) (&& (>= net40) (>= netstandard2.0)) (&& (>= net40) (< portable-net45+win8) (>= portable-net45+win8+wpa81)) (&& (>= net40) (>= xamarinios)) (&& (>= net40) (>= xamarinmac)) (&& (>= net40) (>= xamarintvos)) (&& (>= net40) (>= xamarinwatchos))
    System.Reflection.Primitives (4.3) - restriction: || (&& (>= net40) (>= netstandard2.0)) (>= net45)
    System.Reflection.TypeExtensions (4.4) - restriction: && (>= net40) (>= netstandard1.6)
    System.Resources.ResourceManager (4.3) - restriction: && (>= net40) (>= netstandard1.6)
    System.Runtime (4.3) - restriction: || (&& (>= net40) (>= netstandard1.6)) (&& (>= net40) (>= netstandard2.0)) (>= net45) (&& (>= net46) (< netstandard1.3) (>= netstandard1.6)) (&& (< net46) (>= net461) (>= netstandard1.6)) (&& (>= net461) (< netstandard1.3) (>= netstandard1.6)) (&& (>= net463) (>= netstandard1.6))
    System.Runtime.Extensions (4.3) - restriction: || (&& (>= net40) (>= netstandard1.6)) (&& (>= net40) (>= netstandard2.0)) (>= net45)
    System.Runtime.InteropServices (4.3) - restriction: || (&& (>= net40) (>= netstandard2.0)) (>= net45)
      System.Runtime (>= 4.3) - restriction: || (&& (>= net40) (< net45) (>= netstandard1.1) (< netstandard1.2)) (&& (>= net40) (< net45) (>= netstandard1.2) (< netstandard1.3)) (&& (>= net40) (< net45) (>= netstandard1.3) (< netstandard1.5)) (&& (>= net40) (< net45) (>= netstandard1.5)) (&& (>= net40) (>= netcoreapp1.1)) (&& (>= net40) (< portable-net45+win8+wpa81)) (>= net462)
    System.Runtime.Numerics (4.3) - restriction: && (>= net40) (>= netstandard1.6)
    System.Runtime.Serialization.Json (4.3) - restriction: && (>= net40) (>= netstandard1.6)
    System.Security.Claims (4.3) - restriction: && (>= net40) (>= netstandard1.6)
    System.Security.Cryptography.Algorithms (4.3.1) - restriction: || (&& (>= net40) (< net46) (>= netstandard1.6)) (&& (>= net40) (< netstandard1.3) (>= netstandard1.6)) (&& (>= net46) (< netstandard1.3) (>= netstandard1.6)) (&& (>= net46) (< netstandard1.4) (>= netstandard1.6)) (&& (>= net461) (>= netstandard1.6))
      System.IO (>= 4.3) - restriction: || (&& (>= net40) (< net46) (>= netstandard1.3) (< netstandard1.4)) (&& (>= net40) (< net46) (>= netstandard1.4) (< netstandard1.6)) (&& (>= net40) (< net46) (>= netstandard1.6)) (&& (>= net40) (< netstandard1.3)) (>= net463)
      System.Runtime (>= 4.3) - restriction: || (&& (>= net40) (< net46) (>= netstandard1.3) (< netstandard1.4)) (&& (>= net40) (< net46) (>= netstandard1.4) (< netstandard1.6)) (&& (>= net40) (< net46) (>= netstandard1.6)) (&& (>= net40) (< netstandard1.3)) (>= net463)
      System.Security.Cryptography.Encoding (>= 4.3) - restriction: || (&& (>= net40) (< net46) (>= netstandard1.6)) (&& (>= net40) (< netstandard1.3)) (>= net463)
      System.Security.Cryptography.Primitives (>= 4.3)
    System.Security.Cryptography.Encoding (4.3) - restriction: || (&& (>= net40) (< net46) (>= netstandard1.6)) (&& (>= net40) (< netstandard1.3) (>= netstandard1.6)) (&& (>= net46) (< netstandard1.3) (>= netstandard1.6)) (&& (>= net46) (< netstandard1.4) (>= netstandard1.6)) (&& (>= net461) (>= netstandard1.6))
    System.Security.Cryptography.Primitives (4.3) - restriction: || (&& (>= net40) (>= netstandard1.6)) (&& (>= net46) (< netstandard1.3) (>= netstandard1.6)) (&& (>= net46) (< netstandard1.4) (>= netstandard1.6)) (&& (< net46) (>= net461) (>= netstandard1.6)) (&& (>= net461) (< netstandard1.3) (>= netstandard1.6)) (&& (>= net461) (< netstandard1.4) (>= netstandard1.6)) (&& (>= net463) (>= netstandard1.6))
    System.Security.Cryptography.X509Certificates (4.3.2) - restriction: || (&& (>= net40) (>= netstandard1.6)) (&& (>= net46) (>= netstandard1.6))
      System.Security.Cryptography.Algorithms (>= 4.3)
      System.Security.Cryptography.Encoding (>= 4.3)
    System.Text.Encoding (4.3) - restriction: || (&& (>= net40) (>= netstandard2.0)) (>= net45)
    System.Text.RegularExpressions (4.3) - restriction: && (>= net40) (>= netstandard1.6)
    System.Threading (4.3) - restriction: || (&& (>= net40) (>= netstandard1.6)) (&& (>= net40) (>= netstandard2.0)) (>= net45)
    System.Threading.Tasks (4.3) - restriction: && (>= net40) (>= netstandard1.6)
    System.Threading.Tasks.Parallel (4.3) - restriction: && (>= net40) (>= netstandard1.6)
    System.Threading.Thread (4.3) - restriction: && (>= net40) (>= netstandard1.6)
    System.Threading.ThreadPool (4.3) - restriction: && (>= net40) (>= netstandard1.6)
    System.Threading.Timer (4.3) - restriction: && (>= net40) (>= netstandard1.6)
    System.ValueTuple (4.4) - restriction: >= net45
      NETStandard.Library (>= 1.6.1) - restriction: && (>= net40) (< net461) (>= netstandard1.0) (< netstandard2.0)
